STORAGE: NONE
STRATEGY: MIN
LOWEST_MATCHING: TRUE
RESTRICTION: || (== net9.0) (== netstandard2.0)
NUGET
  remote: https://api.nuget.org/v3/index.json
    Elmish (4.0.1)
    FSharp.Core (8.0.100) - content: none
    FSharp.SystemTextJson (0.19.13)
      FSharp.Core (>= 4.7)
      System.Text.Json (>= 6.0)
    HtmlAgilityPack (1.11.39)
    Microsoft.AspNetCore.Authorization (9.0) - restriction: || (== net9.0) (&& (== netstandard2.0) (>= net9.0))
      Microsoft.AspNetCore.Metadata (>= 9.0)
      Microsoft.Extensions.Logging.Abstractions (>= 9.0)
      Microsoft.Extensions.Options (>= 9.0)
    Microsoft.AspNetCore.Components (9.0)
      Microsoft.AspNetCore.Authorization (>= 9.0) - restriction: || (== net9.0) (&& (== netstandard2.0) (>= net9.0))
      Microsoft.AspNetCore.Components.Analyzers (>= 9.0) - restriction: || (== net9.0) (&& (== netstandard2.0) (>= net9.0))
    Microsoft.AspNetCore.Components.Analyzers (9.0) - restriction: || (== net9.0) (&& (== netstandard2.0) (>= net9.0))
    Microsoft.AspNetCore.Components.Authorization (9.0)
      Microsoft.AspNetCore.Authorization (>= 9.0) - restriction: || (== net9.0) (&& (== netstandard2.0) (>= net9.0))
      Microsoft.AspNetCore.Components (>= 9.0) - restriction: || (== net9.0) (&& (== netstandard2.0) (>= net9.0))
    Microsoft.AspNetCore.Components.Forms (9.0) - restriction: || (== net9.0) (&& (== netstandard2.0) (>= net9.0))
      Microsoft.AspNetCore.Components (>= 9.0) - restriction: || (== net9.0) (&& (== netstandard2.0) (>= net9.0))
    Microsoft.AspNetCore.Components.Web (9.0)
      Microsoft.AspNetCore.Components (>= 9.0) - restriction: || (== net9.0) (&& (== netstandard2.0) (>= net9.0))
      Microsoft.AspNetCore.Components.Forms (>= 9.0) - restriction: || (== net9.0) (&& (== netstandard2.0) (>= net9.0))
      Microsoft.Extensions.DependencyInjection (>= 9.0) - restriction: || (== net9.0) (&& (== netstandard2.0) (>= net9.0))
      Microsoft.Extensions.Primitives (>= 9.0) - restriction: || (== net9.0) (&& (== netstandard2.0) (>= net9.0))
      Microsoft.JSInterop (>= 9.0) - restriction: || (== net9.0) (&& (== netstandard2.0) (>= net9.0))
    Microsoft.AspNetCore.Components.WebAssembly (9.0)
      Microsoft.AspNetCore.Components.Web (>= 9.0) - restriction: || (== net9.0) (&& (== netstandard2.0) (>= net9.0))
      Microsoft.Extensions.Configuration.Binder (>= 9.0) - restriction: || (== net9.0) (&& (== netstandard2.0) (>= net9.0))
      Microsoft.Extensions.Configuration.Json (>= 9.0) - restriction: || (== net9.0) (&& (== netstandard2.0) (>= net9.0))
      Microsoft.Extensions.Logging (>= 9.0) - restriction: || (== net9.0) (&& (== netstandard2.0) (>= net9.0))
      Microsoft.JSInterop.WebAssembly (>= 9.0) - restriction: || (== net9.0) (&& (== netstandard2.0) (>= net9.0))
    Microsoft.AspNetCore.Components.WebAssembly.Authentication (9.0)
      Microsoft.AspNetCore.Components.Authorization (>= 9.0) - restriction: || (== net9.0) (&& (== netstandard2.0) (>= net9.0))
      Microsoft.AspNetCore.Components.Web (>= 9.0) - restriction: || (== net9.0) (&& (== netstandard2.0) (>= net9.0))
    Microsoft.AspNetCore.Components.WebAssembly.Server (9.0)
    Microsoft.AspNetCore.Metadata (9.0) - restriction: || (== net9.0) (&& (== netstandard2.0) (>= net9.0))
    Microsoft.Bcl.AsyncInterfaces (9.0) - restriction: || (&& (== net9.0) (>= net462)) (&& (== net9.0) (< net8.0)) (== netstandard2.0)
      System.Threading.Tasks.Extensions (>= 4.5.4) - restriction: || (&& (== net9.0) (>= net462)) (&& (== net9.0) (< netstandard2.1)) (== netstandard2.0)
    Microsoft.Extensions.Configuration (9.0) - restriction: || (== net9.0) (&& (== netstandard2.0) (>= net9.0))
      Microsoft.Extensions.Configuration.Abstractions (>= 9.0)
      Microsoft.Extensions.Primitives (>= 9.0)
    Microsoft.Extensions.Configuration.Abstractions (9.0)
      Microsoft.Extensions.Primitives (>= 9.0)
    Microsoft.Extensions.Configuration.Binder (9.0)
      Microsoft.Extensions.Configuration.Abstractions (>= 9.0)
    Microsoft.Extensions.Configuration.FileExtensions (9.0) - restriction: || (== net9.0) (&& (== netstandard2.0) (>= net9.0))
      Microsoft.Extensions.Configuration (>= 9.0)
      Microsoft.Extensions.Configuration.Abstractions (>= 9.0)
      Microsoft.Extensions.FileProviders.Abstractions (>= 9.0)
      Microsoft.Extensions.FileProviders.Physical (>= 9.0)
      Microsoft.Extensions.Primitives (>= 9.0)
    Microsoft.Extensions.Configuration.Json (9.0) - restriction: || (== net9.0) (&& (== netstandard2.0) (>= net9.0))
      Microsoft.Extensions.Configuration (>= 9.0)
      Microsoft.Extensions.Configuration.Abstractions (>= 9.0)
      Microsoft.Extensions.Configuration.FileExtensions (>= 9.0)
      Microsoft.Extensions.FileProviders.Abstractions (>= 9.0)
    Microsoft.Extensions.DependencyInjection (9.0) - restriction: || (== net9.0) (&& (== netstandard2.0) (>= net9.0))
      Microsoft.Extensions.DependencyInjection.Abstractions (>= 9.0)
    Microsoft.Extensions.DependencyInjection.Abstractions (9.0)
      Microsoft.Bcl.AsyncInterfaces (>= 9.0) - restriction: || (&& (== net9.0) (>= net462)) (&& (== net9.0) (< netstandard2.1)) (== netstandard2.0)
      System.Threading.Tasks.Extensions (>= 4.5.4) - restriction: || (&& (== net9.0) (>= net462)) (&& (== net9.0) (< netstandard2.1)) (== netstandard2.0)
    Microsoft.Extensions.Diagnostics (9.0) - restriction: || (== net9.0) (&& (== netstandard2.0) (>= net8.0))
      Microsoft.Extensions.Configuration (>= 9.0)
      Microsoft.Extensions.Diagnostics.Abstractions (>= 9.0)
      Microsoft.Extensions.Options.ConfigurationExtensions (>= 9.0)
    Microsoft.Extensions.Diagnostics.Abstractions (9.0) - restriction: || (== net9.0) (&& (== netstandard2.0) (>= net8.0))
      Microsoft.Extensions.DependencyInjection.Abstractions (>= 9.0)
      Microsoft.Extensions.Options (>= 9.0)
    Microsoft.Extensions.FileProviders.Abstractions (9.0) - restriction: || (== net9.0) (&& (== netstandard2.0) (>= net9.0))
      Microsoft.Extensions.Primitives (>= 9.0)
    Microsoft.Extensions.FileProviders.Physical (9.0) - restriction: || (== net9.0) (&& (== netstandard2.0) (>= net9.0))
      Microsoft.Extensions.FileProviders.Abstractions (>= 9.0)
      Microsoft.Extensions.FileSystemGlobbing (>= 9.0)
      Microsoft.Extensions.Primitives (>= 9.0)
    Microsoft.Extensions.FileSystemGlobbing (9.0) - restriction: || (== net9.0) (&& (== netstandard2.0) (>= net9.0))
    Microsoft.Extensions.Http (9.0)
      Microsoft.Extensions.Configuration.Abstractions (>= 9.0)
      Microsoft.Extensions.DependencyInjection.Abstractions (>= 9.0)
      Microsoft.Extensions.Diagnostics (>= 9.0) - restriction: || (== net9.0) (&& (== netstandard2.0) (>= net8.0))
      Microsoft.Extensions.Logging (>= 9.0)
      Microsoft.Extensions.Logging.Abstractions (>= 9.0)
      Microsoft.Extensions.Options (>= 9.0)
    Microsoft.Extensions.Logging (9.0)
      Microsoft.Extensions.DependencyInjection (>= 9.0)
      Microsoft.Extensions.Logging.Abstractions (>= 9.0)
      Microsoft.Extensions.Options (>= 9.0)
    Microsoft.Extensions.Logging.Abstractions (9.0)
      Microsoft.Extensions.DependencyInjection.Abstractions (>= 9.0)
      System.Buffers (>= 4.5.1) - restriction: || (&& (== net9.0) (>= net462)) (&& (== net9.0) (< net8.0)) (== netstandard2.0)
      System.Diagnostics.DiagnosticSource (>= 9.0) - restriction: || (&& (== net9.0) (>= net462)) (&& (== net9.0) (< net8.0)) (== netstandard2.0)
      System.Memory (>= 4.5.5) - restriction: || (&& (== net9.0) (>= net462)) (&& (== net9.0) (< net8.0)) (== netstandard2.0)
    Microsoft.Extensions.Options (9.0)
      Microsoft.Extensions.DependencyInjection.Abstractions (>= 9.0)
      Microsoft.Extensions.Primitives (>= 9.0)
      System.ComponentModel.Annotations (>= 5.0) - restriction: || (&& (== net9.0) (< net8.0)) (&& (== net9.0) (< netstandard2.1)) (== netstandard2.0)
    Microsoft.Extensions.Options.ConfigurationExtensions (9.0) - restriction: || (== net9.0) (&& (== netstandard2.0) (>= net8.0))
      Microsoft.Extensions.Configuration.Abstractions (>= 9.0)
      Microsoft.Extensions.Configuration.Binder (>= 9.0)
      Microsoft.Extensions.DependencyInjection.Abstractions (>= 9.0)
      Microsoft.Extensions.Options (>= 9.0)
      Microsoft.Extensions.Primitives (>= 9.0)
    Microsoft.Extensions.Primitives (9.0)
    Microsoft.JSInterop (9.0) - restriction: || (== net9.0) (&& (== netstandard2.0) (>= net9.0))
    Microsoft.JSInterop.WebAssembly (9.0)
      Microsoft.JSInterop (>= 9.0) - restriction: || (== net9.0) (&& (== netstandard2.0) (>= net9.0))
    Nerdbank.GitVersioning (3.8.118) - copy_local: true
    System.Buffers (4.5.1) - restriction: || (&& (== net9.0) (>= net462)) (&& (== net9.0) (< net8.0)) (== netstandard2.0)
    System.ComponentModel.Annotations (5.0) - restriction: || (&& (== net9.0) (< net8.0)) (&& (== net9.0) (< netstandard2.1)) (== netstandard2.0)
    System.Diagnostics.DiagnosticSource (9.0) - restriction: || (&& (== net9.0) (>= net462)) (&& (== net9.0) (< net8.0)) (== netstandard2.0)
      System.Memory (>= 4.5.5) - restriction: || (&& (== net9.0) (>= net462)) (&& (== net9.0) (< net8.0)) (== netstandard2.0)
      System.Runtime.CompilerServices.Unsafe (>= 6.0) - restriction: || (&& (== net9.0) (>= net462)) (&& (== net9.0) (< net8.0)) (== netstandard2.0)
    System.IO.Pipelines (9.0) - restriction: || (&& (== net9.0) (>= net462)) (&& (== net9.0) (< net8.0)) (== netstandard2.0)
      System.Buffers (>= 4.5.1) - restriction: || (&& (== net9.0) (>= net462)) (&& (== net9.0) (< net8.0)) (== netstandard2.0)
      System.Memory (>= 4.5.5) - restriction: || (&& (== net9.0) (>= net462)) (&& (== net9.0) (< net8.0)) (== netstandard2.0)
      System.Threading.Tasks.Extensions (>= 4.5.4) - restriction: || (&& (== net9.0) (>= net462)) (&& (== net9.0) (< net8.0)) (== netstandard2.0)
    System.Memory (4.5.5) - restriction: || (&& (== net9.0) (>= net462)) (&& (== net9.0) (< net8.0)) (== netstandard2.0)
      System.Buffers (>= 4.5.1) - restriction: || (&& (== net9.0) (>= monotouch)) (&& (== net9.0) (>= net461)) (&& (== net9.0) (< netcoreapp2.0)) (&& (== net9.0) (< netstandard1.1)) (&& (== net9.0) (< netstandard2.0)) (&& (== net9.0) (>= xamarinios)) (&& (== net9.0) (>= xamarinmac)) (&& (== net9.0) (>= xamarintvos)) (&& (== net9.0) (>= xamarinwatchos)) (== netstandard2.0)
      System.Numerics.Vectors (>= 4.4) - restriction: || (&& (== net9.0) (< netcoreapp2.0)) (== netstandard2.0)
      System.Runtime.CompilerServices.Unsafe (>= 4.5.3) - restriction: || (&& (== net9.0) (>= monotouch)) (&& (== net9.0) (>= net461)) (&& (== net9.0) (< netcoreapp2.0)) (&& (== net9.0) (< netcoreapp2.1)) (&& (== net9.0) (< netstandard1.1)) (&& (== net9.0) (< netstandard2.0)) (&& (== net9.0) (>= uap10.1)) (&& (== net9.0) (>= xamarinios)) (&& (== net9.0) (>= xamarinmac)) (&& (== net9.0) (>= xamarintvos)) (&& (== net9.0) (>= xamarinwatchos)) (== netstandard2.0)
    System.Numerics.Vectors (4.4) - restriction: || (&& (== net9.0) (>= net462)) (&& (== net9.0) (< netcoreapp2.0)) (== netstandard2.0)
    System.Runtime.CompilerServices.Unsafe (6.0) - restriction: || (&& (== net9.0) (>= net462)) (&& (== net9.0) (< net8.0)) (== netstandard2.0)
    System.Text.Encodings.Web (9.0) - restriction: || (&& (== net9.0) (>= net462)) (&& (== net9.0) (< net8.0)) (== netstandard2.0)
      System.Buffers (>= 4.5.1) - restriction: || (&& (== net9.0) (>= net462)) (&& (== net9.0) (< net8.0)) (== netstandard2.0)
      System.Memory (>= 4.5.5) - restriction: || (&& (== net9.0) (>= net462)) (&& (== net9.0) (< net8.0)) (== netstandard2.0)
      System.Runtime.CompilerServices.Unsafe (>= 6.0) - restriction: || (&& (== net9.0) (>= net462)) (&& (== net9.0) (< net8.0)) (== netstandard2.0)
    System.Text.Json (9.0)
      Microsoft.Bcl.AsyncInterfaces (>= 9.0) - restriction: || (&& (== net9.0) (>= net462)) (&& (== net9.0) (< net8.0)) (== netstandard2.0)
      System.Buffers (>= 4.5.1) - restriction: || (&& (== net9.0) (>= net462)) (&& (== net9.0) (< net8.0)) (== netstandard2.0)
      System.IO.Pipelines (>= 9.0) - restriction: || (&& (== net9.0) (>= net462)) (&& (== net9.0) (< net8.0)) (== netstandard2.0)
      System.Memory (>= 4.5.5) - restriction: || (&& (== net9.0) (>= net462)) (&& (== net9.0) (< net8.0)) (== netstandard2.0)
      System.Runtime.CompilerServices.Unsafe (>= 6.0) - restriction: || (&& (== net9.0) (>= net462)) (&& (== net9.0) (< net8.0)) (== netstandard2.0)
      System.Text.Encodings.Web (>= 9.0) - restriction: || (&& (== net9.0) (>= net462)) (&& (== net9.0) (< net8.0)) (== netstandard2.0)
      System.Threading.Tasks.Extensions (>= 4.5.4) - restriction: || (&& (== net9.0) (>= net462)) (&& (== net9.0) (< net8.0)) (== netstandard2.0)
    System.Threading.Tasks.Extensions (4.5.4) - restriction: || (&& (== net9.0) (>= net462)) (&& (== net9.0) (< net8.0)) (== netstandard2.0)
      System.Runtime.CompilerServices.Unsafe (>= 4.5.3) - restriction: || (&& (== net9.0) (>= net461)) (&& (== net9.0) (< netcoreapp2.1)) (&& (== net9.0) (< netstandard1.0)) (&& (== net9.0) (< netstandard2.0)) (&& (== net9.0) (>= wp8)) (== netstandard2.0)
GITHUB
  remote: fsprojects/FSharp.TypeProviders.SDK
    src/ProvidedTypes.fs (ce34c1cc71096857b8342f1dedf93391addc9df6)
    src/ProvidedTypes.fsi (ce34c1cc71096857b8342f1dedf93391addc9df6)
GROUP build
STORAGE: NONE
RESTRICTION: == netstandard2.0
NUGET
  remote: https://api.nuget.org/v3/index.json
    Microsoft.Build.Framework (17.14.28)
      Microsoft.Win32.Registry (>= 5.0)
      System.Diagnostics.DiagnosticSource (>= 9.0)
      System.Memory (>= 4.6)
      System.Runtime.CompilerServices.Unsafe (>= 6.1)
      System.Security.Principal.Windows (>= 5.0)
    Microsoft.Build.Utilities.Core (15.9.30)
      Microsoft.Build.Framework (>= 15.9.30)
      Microsoft.Win32.Registry (>= 4.3)
      System.Collections.Immutable (>= 1.5)
      System.Runtime.InteropServices.RuntimeInformation (>= 4.3)
      System.Text.Encoding.CodePages (>= 4.4)
    Microsoft.NETCore.Platforms (7.0.4)
    Microsoft.NETCore.Targets (5.0)
    Microsoft.Win32.Registry (5.0)
      System.Buffers (>= 4.5.1)
      System.Memory (>= 4.5.4)
      System.Security.AccessControl (>= 5.0)
      System.Security.Principal.Windows (>= 5.0)
    Mono.Cecil (0.11.6)
    runtime.native.System (4.3.1)
      Microsoft.NETCore.Platforms (>= 1.1.1)
      Microsoft.NETCore.Targets (>= 1.1.3)
    System.Buffers (4.6.1)
    System.Collections.Immutable (9.0.10)
      System.Memory (>= 4.5.5)
      System.Runtime.CompilerServices.Unsafe (>= 6.0)
    System.Diagnostics.DiagnosticSource (9.0.10)
      System.Memory (>= 4.5.5)
      System.Runtime.CompilerServices.Unsafe (>= 6.0)
    System.Globalization (4.3)
      Microsoft.NETCore.Platforms (>= 1.1)
      Microsoft.NETCore.Targets (>= 1.1)
      System.Runtime (>= 4.3)
    System.IO (4.3)
      Microsoft.NETCore.Platforms (>= 1.1)
      Microsoft.NETCore.Targets (>= 1.1)
      System.Runtime (>= 4.3)
      System.Text.Encoding (>= 4.3)
      System.Threading.Tasks (>= 4.3)
    System.Memory (4.6.3)
      System.Buffers (>= 4.6.1)
      System.Numerics.Vectors (>= 4.6.1)
      System.Runtime.CompilerServices.Unsafe (>= 6.1.2)
    System.Numerics.Vectors (4.6.1)
    System.Reflection (4.3)
      Microsoft.NETCore.Platforms (>= 1.1)
      Microsoft.NETCore.Targets (>= 1.1)
      System.IO (>= 4.3)
      System.Reflection.Primitives (>= 4.3)
      System.Runtime (>= 4.3)
    System.Reflection.Extensions (4.3)
      Microsoft.NETCore.Platforms (>= 1.1)
      Microsoft.NETCore.Targets (>= 1.1)
      System.Reflection (>= 4.3)
      System.Runtime (>= 4.3)
    System.Reflection.Primitives (4.3)
      Microsoft.NETCore.Platforms (>= 1.1)
      Microsoft.NETCore.Targets (>= 1.1)
      System.Runtime (>= 4.3)
    System.Resources.ResourceManager (4.3)
      Microsoft.NETCore.Platforms (>= 1.1)
      Microsoft.NETCore.Targets (>= 1.1)
      System.Globalization (>= 4.3)
      System.Reflection (>= 4.3)
      System.Runtime (>= 4.3)
    System.Runtime (4.3.1)
      Microsoft.NETCore.Platforms (>= 1.1.1)
      Microsoft.NETCore.Targets (>= 1.1.3)
    System.Runtime.CompilerServices.Unsafe (6.1.2)
    System.Runtime.Handles (4.3)
      Microsoft.NETCore.Platforms (>= 1.1)
      Microsoft.NETCore.Targets (>= 1.1)
      System.Runtime (>= 4.3)
    System.Runtime.InteropServices (4.3)
      Microsoft.NETCore.Platforms (>= 1.1)
      Microsoft.NETCore.Targets (>= 1.1)
      System.Reflection (>= 4.3)
      System.Reflection.Primitives (>= 4.3)
      System.Runtime (>= 4.3)
      System.Runtime.Handles (>= 4.3)
    System.Runtime.InteropServices.RuntimeInformation (4.3)
      runtime.native.System (>= 4.3)
      System.Reflection (>= 4.3)
      System.Reflection.Extensions (>= 4.3)
      System.Resources.ResourceManager (>= 4.3)
      System.Runtime (>= 4.3)
      System.Runtime.InteropServices (>= 4.3)
      System.Threading (>= 4.3)
    System.Security.AccessControl (6.0.1)
      System.Security.Principal.Windows (>= 5.0)
    System.Security.Principal.Windows (5.0)
    System.Text.Encoding (4.3)
      Microsoft.NETCore.Platforms (>= 1.1)
      Microsoft.NETCore.Targets (>= 1.1)
      System.Runtime (>= 4.3)
    System.Text.Encoding.CodePages (9.0.10)
      System.Memory (>= 4.5.5)
      System.Runtime.CompilerServices.Unsafe (>= 6.0)
    System.Threading (4.3)
      System.Runtime (>= 4.3)
      System.Threading.Tasks (>= 4.3)
    System.Threading.Tasks (4.3)
      Microsoft.NETCore.Platforms (>= 1.1)
      Microsoft.NETCore.Targets (>= 1.1)
      System.Runtime (>= 4.3)

GROUP fake
STORAGE: NONE
RESTRICTION: == net8.0
NUGET
  remote: https://api.nuget.org/v3/index.json
    BlackFox.VsWhere (1.1)
      FSharp.Core (>= 4.2.3)
      Microsoft.Win32.Registry (>= 4.7)
    Fake.Core.CommandLineParsing (6.1.3)
      FParsec (>= 1.1.1)
      FSharp.Core (>= 8.0.301)
    Fake.Core.Context (6.1.3)
      FSharp.Core (>= 8.0.301)
    Fake.Core.Environment (6.1.3)
      FSharp.Core (>= 8.0.301)
    Fake.Core.FakeVar (6.1.3)
      Fake.Core.Context (>= 6.1.3)
      FSharp.Core (>= 8.0.301)
    Fake.Core.Process (6.1.3)
      Fake.Core.Environment (>= 6.1.3)
      Fake.Core.FakeVar (>= 6.1.3)
      Fake.Core.String (>= 6.1.3)
      Fake.Core.Trace (>= 6.1.3)
      Fake.IO.FileSystem (>= 6.1.3)
      FSharp.Core (>= 8.0.301)
      System.Collections.Immutable (>= 8.0)
    Fake.Core.SemVer (6.1.3)
      FSharp.Core (>= 8.0.301)
    Fake.Core.String (6.1.3)
      FSharp.Core (>= 8.0.301)
    Fake.Core.Target (6.1.3)
      Fake.Core.CommandLineParsing (>= 6.1.3)
      Fake.Core.Context (>= 6.1.3)
      Fake.Core.Environment (>= 6.1.3)
      Fake.Core.FakeVar (>= 6.1.3)
      Fake.Core.Process (>= 6.1.3)
      Fake.Core.String (>= 6.1.3)
      Fake.Core.Trace (>= 6.1.3)
      FSharp.Control.Reactive (>= 5.0.2)
      FSharp.Core (>= 8.0.301)
    Fake.Core.Tasks (6.1.3)
      Fake.Core.Trace (>= 6.1.3)
      FSharp.Core (>= 8.0.301)
    Fake.Core.Trace (6.1.3)
      Fake.Core.Environment (>= 6.1.3)
      Fake.Core.FakeVar (>= 6.1.3)
      FSharp.Core (>= 8.0.301)
    Fake.Core.Xml (6.1.3)
      Fake.Core.String (>= 6.1.3)
      FSharp.Core (>= 8.0.301)
    Fake.DotNet.AssemblyInfoFile (6.1.3)
      Fake.Core.Environment (>= 6.1.3)
      Fake.Core.String (>= 6.1.3)
      Fake.Core.Trace (>= 6.1.3)
      Fake.IO.FileSystem (>= 6.1.3)
      FSharp.Core (>= 8.0.301)
    Fake.DotNet.Cli (6.1.3)
      Fake.Core.Environment (>= 6.1.3)
      Fake.Core.Process (>= 6.1.3)
      Fake.Core.String (>= 6.1.3)
      Fake.Core.Trace (>= 6.1.3)
      Fake.DotNet.MSBuild (>= 6.1.3)
      Fake.DotNet.NuGet (>= 6.1.3)
      Fake.IO.FileSystem (>= 6.1.3)
      FSharp.Core (>= 8.0.301)
      Mono.Posix.NETStandard (>= 1.0)
      Newtonsoft.Json (>= 13.0.3)
    Fake.DotNet.MSBuild (6.1.3)
      BlackFox.VsWhere (>= 1.1)
      Fake.Core.Environment (>= 6.1.3)
      Fake.Core.Process (>= 6.1.3)
      Fake.Core.String (>= 6.1.3)
      Fake.Core.Trace (>= 6.1.3)
      Fake.IO.FileSystem (>= 6.1.3)
      FSharp.Core (>= 8.0.301)
      MSBuild.StructuredLogger (>= 2.1.815)
    Fake.DotNet.NuGet (6.1.3)
      Fake.Core.Environment (>= 6.1.3)
      Fake.Core.Process (>= 6.1.3)
      Fake.Core.SemVer (>= 6.1.3)
      Fake.Core.String (>= 6.1.3)
      Fake.Core.Tasks (>= 6.1.3)
      Fake.Core.Trace (>= 6.1.3)
      Fake.Core.Xml (>= 6.1.3)
      Fake.IO.FileSystem (>= 6.1.3)
      Fake.Net.Http (>= 6.1.3)
      FSharp.Core (>= 8.0.301)
      Newtonsoft.Json (>= 13.0.3)
      NuGet.Protocol (>= 6.10.1)
    Fake.DotNet.Paket (6.1.3)
      Fake.Core.Process (>= 6.1.3)
      Fake.Core.String (>= 6.1.3)
      Fake.Core.Trace (>= 6.1.3)
      Fake.DotNet.Cli (>= 6.1.3)
      Fake.IO.FileSystem (>= 6.1.3)
      FSharp.Core (>= 8.0.301)
    Fake.IO.FileSystem (6.1.3)
      Fake.Core.String (>= 6.1.3)
      Fake.Core.Trace (>= 6.1.3)
      FSharp.Core (>= 8.0.301)
    Fake.Net.Http (6.1.3)
      Fake.Core.Trace (>= 6.1.3)
      FSharp.Core (>= 8.0.301)
    FParsec (1.1.1)
      FSharp.Core (>= 4.3.4)
    FSharp.Control.Reactive (6.1.2)
      FSharp.Core (>= 6.0.7)
      System.Reactive (>= 6.0.1)
    FSharp.Core (9.0.303)
    FSharp.Data (3.3.3)
      FSharp.Core (>= 4.3.4)
    Microsoft.Bcl.Cryptography (9.0.10)
      System.Formats.Asn1 (>= 9.0.10)
    Microsoft.Build.Framework (17.14.28)
      Microsoft.Win32.Registry (>= 5.0)
      System.Diagnostics.DiagnosticSource (>= 9.0)
      System.Memory (>= 4.6)
      System.Runtime.CompilerServices.Unsafe (>= 6.1)
      System.Security.Principal.Windows (>= 5.0)
    Microsoft.Build.Utilities.Core (17.14.28)
      Microsoft.Build.Framework (>= 17.14.28)
      Microsoft.NET.StringTools (>= 17.14.28)
      Microsoft.Win32.Registry (>= 5.0)
      System.Collections.Immutable (>= 9.0)
      System.Configuration.ConfigurationManager (>= 9.0)
      System.Diagnostics.DiagnosticSource (>= 9.0)
      System.Memory (>= 4.6)
      System.Runtime.CompilerServices.Unsafe (>= 6.1)
      System.Security.Cryptography.ProtectedData (>= 9.0)
      System.Security.Principal.Windows (>= 5.0)
      System.Text.Encoding.CodePages (>= 9.0)
    Microsoft.NET.StringTools (17.14.28)
      System.Memory (>= 4.6)
      System.Runtime.CompilerServices.Unsafe (>= 6.1)
    Microsoft.Win32.Registry (5.0)
      System.Security.AccessControl (>= 5.0)
      System.Security.Principal.Windows (>= 5.0)
    Mono.Posix.NETStandard (1.0)
    MSBuild.StructuredLogger (2.3.71)
      Microsoft.Build.Framework (>= 17.5)
      Microsoft.Build.Utilities.Core (>= 17.5)
      System.Collections.Immutable (>= 8.0)
    Newtonsoft.Json (13.0.4)
    NuGet.Common (6.14)
      NuGet.Frameworks (>= 6.14)
      System.Collections.Immutable (>= 8.0)
    NuGet.Configuration (6.14)
      NuGet.Common (>= 6.14)
      System.Security.Cryptography.ProtectedData (>= 4.4)
    NuGet.Frameworks (6.14)
    NuGet.Packaging (6.14)
      Newtonsoft.Json (>= 13.0.3)
      NuGet.Configuration (>= 6.14)
      NuGet.Versioning (>= 6.14)
      System.Security.Cryptography.Pkcs (>= 6.0.4)
    NuGet.Protocol (6.14)
      NuGet.Packaging (>= 6.14)
    NuGet.Versioning (6.14)
    System.Collections.Immutable (9.0.10)
    System.Configuration.ConfigurationManager (9.0.10)
      System.Diagnostics.EventLog (>= 9.0.10)
      System.Security.Cryptography.ProtectedData (>= 9.0.10)
    System.Diagnostics.DiagnosticSource (9.0.10)
    System.Diagnostics.EventLog (9.0.10)
    System.Formats.Asn1 (9.0.10)
    System.Memory (4.6.3)
    System.Reactive (6.1)
    System.Runtime.CompilerServices.Unsafe (6.1.2)
    System.Security.AccessControl (6.0.1)
    System.Security.Cryptography.Pkcs (9.0.10)
      Microsoft.Bcl.Cryptography (>= 9.0.10)
      System.Formats.Asn1 (>= 9.0.10)
    System.Security.Cryptography.ProtectedData (9.0.10)
    System.Security.Principal.Windows (5.0)
    System.Text.Encoding.CodePages (9.0.10)

GROUP net8
STORAGE: NONE
STRATEGY: MIN
LOWEST_MATCHING: TRUE
RESTRICTION: == net8.0
NUGET
  remote: https://api.nuget.org/v3/index.json
    Elmish (4.0.1)
    FSharp.Core (8.0.100) - content: none
    FSharp.SystemTextJson (0.19.13)
      FSharp.Core (>= 4.7)
      System.Text.Json (>= 6.0)
    Microsoft.AspNetCore.Authorization (8.0)
      Microsoft.AspNetCore.Metadata (>= 8.0)
      Microsoft.Extensions.Logging.Abstractions (>= 8.0)
      Microsoft.Extensions.Options (>= 8.0)
    Microsoft.AspNetCore.Components (8.0)
      Microsoft.AspNetCore.Authorization (>= 8.0)
      Microsoft.AspNetCore.Components.Analyzers (>= 8.0)
    Microsoft.AspNetCore.Components.Analyzers (8.0)
    Microsoft.AspNetCore.Components.Authorization (8.0)
      Microsoft.AspNetCore.Authorization (>= 8.0)
      Microsoft.AspNetCore.Components (>= 8.0)
    Microsoft.AspNetCore.Components.Forms (8.0)
      Microsoft.AspNetCore.Components (>= 8.0)
    Microsoft.AspNetCore.Components.Web (8.0)
      Microsoft.AspNetCore.Components (>= 8.0)
      Microsoft.AspNetCore.Components.Forms (>= 8.0)
      Microsoft.Extensions.DependencyInjection (>= 8.0)
      Microsoft.Extensions.Primitives (>= 8.0)
      Microsoft.JSInterop (>= 8.0)
      System.IO.Pipelines (>= 8.0)
    Microsoft.AspNetCore.Components.WebAssembly (8.0)
      Microsoft.AspNetCore.Components.Web (>= 8.0)
      Microsoft.Extensions.Configuration.Binder (>= 8.0)
      Microsoft.Extensions.Configuration.Json (>= 8.0)
      Microsoft.Extensions.Logging (>= 8.0)
      Microsoft.JSInterop.WebAssembly (>= 8.0)
    Microsoft.AspNetCore.Components.WebAssembly.Authentication (8.0)
      Microsoft.AspNetCore.Components.Authorization (>= 8.0)
      Microsoft.AspNetCore.Components.Web (>= 8.0)
    Microsoft.AspNetCore.Components.WebAssembly.Server (8.0)
    Microsoft.AspNetCore.Metadata (8.0)
    Microsoft.Extensions.Configuration (8.0)
      Microsoft.Extensions.Configuration.Abstractions (>= 8.0)
      Microsoft.Extensions.Primitives (>= 8.0)
    Microsoft.Extensions.Configuration.Abstractions (8.0)
      Microsoft.Extensions.Primitives (>= 8.0)
    Microsoft.Extensions.Configuration.Binder (8.0)
      Microsoft.Extensions.Configuration.Abstractions (>= 8.0)
    Microsoft.Extensions.Configuration.FileExtensions (8.0)
      Microsoft.Extensions.Configuration (>= 8.0)
      Microsoft.Extensions.Configuration.Abstractions (>= 8.0)
      Microsoft.Extensions.FileProviders.Abstractions (>= 8.0)
      Microsoft.Extensions.FileProviders.Physical (>= 8.0)
      Microsoft.Extensions.Primitives (>= 8.0)
    Microsoft.Extensions.Configuration.Json (8.0)
      Microsoft.Extensions.Configuration (>= 8.0)
      Microsoft.Extensions.Configuration.Abstractions (>= 8.0)
      Microsoft.Extensions.Configuration.FileExtensions (>= 8.0)
      Microsoft.Extensions.FileProviders.Abstractions (>= 8.0)
      System.Text.Json (>= 8.0)
    Microsoft.Extensions.DependencyInjection (8.0)
      Microsoft.Extensions.DependencyInjection.Abstractions (>= 8.0)
    Microsoft.Extensions.DependencyInjection.Abstractions (8.0)
    Microsoft.Extensions.Diagnostics (8.0)
      Microsoft.Extensions.Configuration (>= 8.0)
      Microsoft.Extensions.Diagnostics.Abstractions (>= 8.0)
      Microsoft.Extensions.Options.ConfigurationExtensions (>= 8.0)
    Microsoft.Extensions.Diagnostics.Abstractions (8.0)
      Microsoft.Extensions.DependencyInjection.Abstractions (>= 8.0)
      Microsoft.Extensions.Options (>= 8.0)
      System.Diagnostics.DiagnosticSource (>= 8.0)
    Microsoft.Extensions.FileProviders.Abstractions (8.0)
      Microsoft.Extensions.Primitives (>= 8.0)
    Microsoft.Extensions.FileProviders.Physical (8.0)
      Microsoft.Extensions.FileProviders.Abstractions (>= 8.0)
      Microsoft.Extensions.FileSystemGlobbing (>= 8.0)
      Microsoft.Extensions.Primitives (>= 8.0)
    Microsoft.Extensions.FileSystemGlobbing (8.0)
    Microsoft.Extensions.Http (8.0)
      Microsoft.Extensions.Configuration.Abstractions (>= 8.0)
      Microsoft.Extensions.DependencyInjection.Abstractions (>= 8.0)
      Microsoft.Extensions.Diagnostics (>= 8.0)
      Microsoft.Extensions.Logging (>= 8.0)
      Microsoft.Extensions.Logging.Abstractions (>= 8.0)
      Microsoft.Extensions.Options (>= 8.0)
    Microsoft.Extensions.Logging (8.0)
      Microsoft.Extensions.DependencyInjection (>= 8.0)
      Microsoft.Extensions.Logging.Abstractions (>= 8.0)
      Microsoft.Extensions.Options (>= 8.0)
    Microsoft.Extensions.Logging.Abstractions (8.0)
      Microsoft.Extensions.DependencyInjection.Abstractions (>= 8.0)
    Microsoft.Extensions.Options (8.0)
      Microsoft.Extensions.DependencyInjection.Abstractions (>= 8.0)
      Microsoft.Extensions.Primitives (>= 8.0)
    Microsoft.Extensions.Options.ConfigurationExtensions (8.0)
      Microsoft.Extensions.Configuration.Abstractions (>= 8.0)
      Microsoft.Extensions.Configuration.Binder (>= 8.0)
      Microsoft.Extensions.DependencyInjection.Abstractions (>= 8.0)
      Microsoft.Extensions.Options (>= 8.0)
      Microsoft.Extensions.Primitives (>= 8.0)
    Microsoft.Extensions.Primitives (8.0)
    Microsoft.JSInterop (8.0)
    Microsoft.JSInterop.WebAssembly (8.0)
      Microsoft.JSInterop (>= 8.0)
    System.Diagnostics.DiagnosticSource (8.0)
    System.IO.Pipelines (8.0)
    System.Text.Json (8.0.5)

GROUP tests-net8
STORAGE: NONE
RESTRICTION: == net8.0
NUGET
  remote: https://api.nuget.org/v3/index.json
    Elmish (4.4)
    FsCheck (2.16.6)
      FSharp.Core (>= 4.2.3)
    FsCheck.NUnit (2.16.6)
      FsCheck (2.16.6)
      NUnit (>= 3.13.1 < 4.0)
    FSharp.Core (9.0.303)
    FSharp.SystemTextJson (1.4.36)
      FSharp.Core (>= 4.7)
      System.Text.Json (>= 6.0.10)
    FSharp.SystemTextJson.Swagger (0.0.2)
      FSharp.Core (>= 6.0.7)
      FSharp.SystemTextJson (>= 1.0.6)
      Swashbuckle.AspNetCore.Swagger (>= 6.4)
      Swashbuckle.AspNetCore.SwaggerGen (>= 6.4)
    Microsoft.AspNetCore.Authorization (8.0.21)
      Microsoft.AspNetCore.Metadata (>= 8.0.21)
      Microsoft.Extensions.Logging.Abstractions (>= 8.0.3)
      Microsoft.Extensions.Options (>= 8.0.2)
    Microsoft.AspNetCore.Components (8.0.21)
      Microsoft.AspNetCore.Authorization (>= 8.0.21)
      Microsoft.AspNetCore.Components.Analyzers (>= 8.0.21)
    Microsoft.AspNetCore.Components.Analyzers (8.0.21)
    Microsoft.AspNetCore.Components.Authorization (8.0.21)
      Microsoft.AspNetCore.Authorization (>= 8.0.21)
      Microsoft.AspNetCore.Components (>= 8.0.21)
    Microsoft.AspNetCore.Components.Forms (8.0.21)
      Microsoft.AspNetCore.Components (>= 8.0.21)
    Microsoft.AspNetCore.Components.Web (8.0.21)
      Microsoft.AspNetCore.Components (>= 8.0.21)
      Microsoft.AspNetCore.Components.Forms (>= 8.0.21)
      Microsoft.Extensions.DependencyInjection (>= 8.0.1)
      Microsoft.Extensions.Primitives (>= 8.0)
      Microsoft.JSInterop (>= 8.0.21)
      System.IO.Pipelines (>= 8.0)
    Microsoft.AspNetCore.Components.WebAssembly (8.0.21)
      Microsoft.AspNetCore.Components.Web (>= 8.0.21)
      Microsoft.Extensions.Configuration.Binder (>= 8.0.2)
      Microsoft.Extensions.Configuration.Json (>= 8.0.1)
      Microsoft.Extensions.Logging (>= 8.0.1)
      Microsoft.JSInterop.WebAssembly (>= 8.0.21)
    Microsoft.AspNetCore.Components.WebAssembly.Authentication (8.0.21)
      Microsoft.AspNetCore.Components.Authorization (>= 8.0.21)
      Microsoft.AspNetCore.Components.Web (>= 8.0.21)
    Microsoft.AspNetCore.Components.WebAssembly.DevServer (8.0.21)
    Microsoft.AspNetCore.Components.WebAssembly.Server (8.0.21)
    Microsoft.AspNetCore.Metadata (8.0.21)
    Microsoft.AspNetCore.OpenApi (8.0.21)
      Microsoft.OpenApi (>= 1.4.3)
    Microsoft.CodeCoverage (18.0)
    Microsoft.DotNet.InternalAbstractions (1.0)
      System.AppContext (>= 4.1)
      System.Collections (>= 4.0.11)
      System.IO (>= 4.1)
      System.IO.FileSystem (>= 4.0.1)
      System.Reflection.TypeExtensions (>= 4.1)
      System.Runtime.Extensions (>= 4.1)
      System.Runtime.InteropServices (>= 4.1)
      System.Runtime.InteropServices.RuntimeInformation (>= 4.0)
    Microsoft.Extensions.ApiDescription.Server (9.0.10)
    Microsoft.Extensions.Configuration (9.0.10)
      Microsoft.Extensions.Configuration.Abstractions (>= 9.0.10)
      Microsoft.Extensions.Primitives (>= 9.0.10)
    Microsoft.Extensions.Configuration.Abstractions (9.0.10)
      Microsoft.Extensions.Primitives (>= 9.0.10)
    Microsoft.Extensions.Configuration.Binder (9.0.10)
      Microsoft.Extensions.Configuration.Abstractions (>= 9.0.10)
    Microsoft.Extensions.Configuration.FileExtensions (9.0.10)
      Microsoft.Extensions.Configuration (>= 9.0.10)
      Microsoft.Extensions.Configuration.Abstractions (>= 9.0.10)
      Microsoft.Extensions.FileProviders.Abstractions (>= 9.0.10)
      Microsoft.Extensions.FileProviders.Physical (>= 9.0.10)
      Microsoft.Extensions.Primitives (>= 9.0.10)
    Microsoft.Extensions.Configuration.Json (9.0.10)
      Microsoft.Extensions.Configuration (>= 9.0.10)
      Microsoft.Extensions.Configuration.Abstractions (>= 9.0.10)
      Microsoft.Extensions.Configuration.FileExtensions (>= 9.0.10)
      Microsoft.Extensions.FileProviders.Abstractions (>= 9.0.10)
      System.Text.Json (>= 9.0.10)
    Microsoft.Extensions.DependencyInjection (9.0.10)
      Microsoft.Extensions.DependencyInjection.Abstractions (>= 9.0.10)
    Microsoft.Extensions.DependencyInjection.Abstractions (9.0.10)
    Microsoft.Extensions.FileProviders.Abstractions (9.0.10)
      Microsoft.Extensions.Primitives (>= 9.0.10)
    Microsoft.Extensions.FileProviders.Physical (9.0.10)
      Microsoft.Extensions.FileProviders.Abstractions (>= 9.0.10)
      Microsoft.Extensions.FileSystemGlobbing (>= 9.0.10)
      Microsoft.Extensions.Primitives (>= 9.0.10)
    Microsoft.Extensions.FileSystemGlobbing (9.0.10)
    Microsoft.Extensions.Logging (9.0.10)
      Microsoft.Extensions.DependencyInjection (>= 9.0.10)
      Microsoft.Extensions.Logging.Abstractions (>= 9.0.10)
      Microsoft.Extensions.Options (>= 9.0.10)
    Microsoft.Extensions.Logging.Abstractions (9.0.10)
      Microsoft.Extensions.DependencyInjection.Abstractions (>= 9.0.10)
      System.Diagnostics.DiagnosticSource (>= 9.0.10)
    Microsoft.Extensions.Options (9.0.10)
      Microsoft.Extensions.DependencyInjection.Abstractions (>= 9.0.10)
      Microsoft.Extensions.Primitives (>= 9.0.10)
    Microsoft.Extensions.Primitives (9.0.10)
    Microsoft.JSInterop (8.0.21)
    Microsoft.JSInterop.WebAssembly (8.0.21)
      Microsoft.JSInterop (>= 8.0.21)
    Microsoft.NET.Test.Sdk (15.8)
      Microsoft.CodeCoverage (>= 15.8)
      Microsoft.TestPlatform.TestHost (>= 15.8)
    Microsoft.NETCore.Platforms (7.0.4)
    Microsoft.NETCore.Targets (5.0)
    Microsoft.OpenApi (1.6.28)
    Microsoft.TestPlatform.ObjectModel (18.0)
      System.Reflection.Metadata (>= 8.0)
    Microsoft.TestPlatform.TestHost (18.0)
      Microsoft.TestPlatform.ObjectModel (>= 18.0)
      Newtonsoft.Json (>= 13.0.3)
    Microsoft.Win32.Primitives (4.3)
      Microsoft.NETCore.Platforms (>= 1.1)
      Microsoft.NETCore.Targets (>= 1.1)
      System.Runtime (>= 4.3)
    Microsoft.Win32.Registry (5.0)
      System.Security.AccessControl (>= 5.0)
      System.Security.Principal.Windows (>= 5.0)
    NETStandard.Library (2.0.3)
      Microsoft.NETCore.Platforms (>= 1.1)
    Newtonsoft.Json (13.0.4)
    NUnit (3.14)
      NETStandard.Library (>= 2.0)
    NUnit3TestAdapter (3.17)
      Microsoft.DotNet.InternalAbstractions (>= 1.0)
      System.ComponentModel.EventBasedAsync (>= 4.3)
      System.ComponentModel.TypeConverter (>= 4.3)
      System.Diagnostics.Process (>= 4.3)
      System.Reflection (>= 4.3)
      System.Runtime.InteropServices.RuntimeInformation (>= 4.3)
      System.Threading.Thread (>= 4.3)
      System.Xml.XmlDocument (>= 4.3)
      System.Xml.XPath.XmlDocument (>= 4.3)
    runtime.native.System (4.3.1)
      Microsoft.NETCore.Platforms (>= 1.1.1)
      Microsoft.NETCore.Targets (>= 1.1.3)
    Selenium.Support (4.37)
      Selenium.WebDriver (>= 4.37)
    Selenium.WebDriver (4.37)
    Selenium.WebDriver.ChromeDriver (141.0.7390.7800)
    Swashbuckle.AspNetCore (9.0.6)
      Microsoft.Extensions.ApiDescription.Server (>= 8.0)
      Swashbuckle.AspNetCore.Swagger (>= 9.0.6)
      Swashbuckle.AspNetCore.SwaggerGen (>= 9.0.6)
      Swashbuckle.AspNetCore.SwaggerUI (>= 9.0.6)
    Swashbuckle.AspNetCore.Swagger (9.0.6)
      Microsoft.OpenApi (>= 1.6.25)
    Swashbuckle.AspNetCore.SwaggerGen (9.0.6)
      Swashbuckle.AspNetCore.Swagger (>= 9.0.6)
    Swashbuckle.AspNetCore.SwaggerUI (9.0.6)
    System.AppContext (4.3)
      System.Runtime (>= 4.3)
    System.Collections (4.3)
      Microsoft.NETCore.Platforms (>= 1.1)
      Microsoft.NETCore.Targets (>= 1.1)
      System.Runtime (>= 4.3)
    System.Collections.Immutable (9.0.10)
    System.Collections.NonGeneric (4.3)
      System.Diagnostics.Debug (>= 4.3)
      System.Globalization (>= 4.3)
      System.Resources.ResourceManager (>= 4.3)
      System.Runtime (>= 4.3)
      System.Runtime.Extensions (>= 4.3)
      System.Threading (>= 4.3)
    System.Collections.Specialized (4.3)
      System.Collections.NonGeneric (>= 4.3)
      System.Globalization (>= 4.3)
      System.Globalization.Extensions (>= 4.3)
      System.Resources.ResourceManager (>= 4.3)
      System.Runtime (>= 4.3)
      System.Runtime.Extensions (>= 4.3)
      System.Threading (>= 4.3)
    System.ComponentModel (4.3)
      System.Runtime (>= 4.3)
    System.ComponentModel.EventBasedAsync (4.3)
      System.Resources.ResourceManager (>= 4.3)
      System.Runtime (>= 4.3)
      System.Threading (>= 4.3)
      System.Threading.Tasks (>= 4.3)
    System.ComponentModel.Primitives (4.3)
      System.ComponentModel (>= 4.3)
      System.Resources.ResourceManager (>= 4.3)
      System.Runtime (>= 4.3)
    System.ComponentModel.TypeConverter (4.3)
      System.Collections (>= 4.3)
      System.Collections.NonGeneric (>= 4.3)
      System.Collections.Specialized (>= 4.3)
      System.ComponentModel (>= 4.3)
      System.ComponentModel.Primitives (>= 4.3)
      System.Globalization (>= 4.3)
      System.Linq (>= 4.3)
      System.Reflection (>= 4.3)
      System.Reflection.Extensions (>= 4.3)
      System.Reflection.Primitives (>= 4.3)
      System.Reflection.TypeExtensions (>= 4.3)
      System.Resources.ResourceManager (>= 4.3)
      System.Runtime (>= 4.3)
      System.Runtime.Extensions (>= 4.3)
      System.Threading (>= 4.3)
    System.Diagnostics.Debug (4.3)
      Microsoft.NETCore.Platforms (>= 1.1)
      Microsoft.NETCore.Targets (>= 1.1)
      System.Runtime (>= 4.3)
    System.Diagnostics.DiagnosticSource (9.0.10)
    System.Diagnostics.Process (4.3)
      Microsoft.NETCore.Platforms (>= 1.1)
      Microsoft.Win32.Primitives (>= 4.3)
      Microsoft.Win32.Registry (>= 4.3)
      runtime.native.System (>= 4.3)
      System.Collections (>= 4.3)
      System.Diagnostics.Debug (>= 4.3)
      System.Globalization (>= 4.3)
      System.IO (>= 4.3)
      System.IO.FileSystem (>= 4.3)
      System.IO.FileSystem.Primitives (>= 4.3)
      System.Resources.ResourceManager (>= 4.3)
      System.Runtime (>= 4.3)
      System.Runtime.Extensions (>= 4.3)
      System.Runtime.Handles (>= 4.3)
      System.Runtime.InteropServices (>= 4.3)
      System.Text.Encoding (>= 4.3)
      System.Text.Encoding.Extensions (>= 4.3)
      System.Threading (>= 4.3)
      System.Threading.Tasks (>= 4.3)
      System.Threading.Thread (>= 4.3)
      System.Threading.ThreadPool (>= 4.3)
    System.Globalization (4.3)
      Microsoft.NETCore.Platforms (>= 1.1)
      Microsoft.NETCore.Targets (>= 1.1)
      System.Runtime (>= 4.3)
    System.Globalization.Extensions (4.3)
      Microsoft.NETCore.Platforms (>= 1.1)
      System.Globalization (>= 4.3)
      System.Resources.ResourceManager (>= 4.3)
      System.Runtime (>= 4.3)
      System.Runtime.Extensions (>= 4.3)
      System.Runtime.InteropServices (>= 4.3)
    System.IO (4.3)
      Microsoft.NETCore.Platforms (>= 1.1)
      Microsoft.NETCore.Targets (>= 1.1)
      System.Runtime (>= 4.3)
      System.Text.Encoding (>= 4.3)
      System.Threading.Tasks (>= 4.3)
    System.IO.FileSystem (4.3)
      Microsoft.NETCore.Platforms (>= 1.1)
      Microsoft.NETCore.Targets (>= 1.1)
      System.IO (>= 4.3)
      System.IO.FileSystem.Primitives (>= 4.3)
      System.Runtime (>= 4.3)
      System.Runtime.Handles (>= 4.3)
      System.Text.Encoding (>= 4.3)
      System.Threading.Tasks (>= 4.3)
    System.IO.FileSystem.Primitives (4.3)
      System.Runtime (>= 4.3)
    System.IO.Pipelines (10.0.0-rc.2.25502.107)
    System.Linq (4.3)
      System.Collections (>= 4.3)
      System.Diagnostics.Debug (>= 4.3)
      System.Resources.ResourceManager (>= 4.3)
      System.Runtime (>= 4.3)
      System.Runtime.Extensions (>= 4.3)
    System.Reflection (4.3)
      Microsoft.NETCore.Platforms (>= 1.1)
      Microsoft.NETCore.Targets (>= 1.1)
      System.IO (>= 4.3)
      System.Reflection.Primitives (>= 4.3)
      System.Runtime (>= 4.3)
    System.Reflection.Extensions (4.3)
      Microsoft.NETCore.Platforms (>= 1.1)
      Microsoft.NETCore.Targets (>= 1.1)
      System.Reflection (>= 4.3)
      System.Runtime (>= 4.3)
    System.Reflection.Metadata (9.0.10)
      System.Collections.Immutable (>= 9.0.10)
    System.Reflection.Primitives (4.3)
      Microsoft.NETCore.Platforms (>= 1.1)
      Microsoft.NETCore.Targets (>= 1.1)
      System.Runtime (>= 4.3)
    System.Reflection.TypeExtensions (4.7)
    System.Resources.ResourceManager (4.3)
      Microsoft.NETCore.Platforms (>= 1.1)
      Microsoft.NETCore.Targets (>= 1.1)
      System.Globalization (>= 4.3)
      System.Reflection (>= 4.3)
      System.Runtime (>= 4.3)
    System.Runtime (4.3.1)
      Microsoft.NETCore.Platforms (>= 1.1.1)
      Microsoft.NETCore.Targets (>= 1.1.3)
    System.Runtime.Extensions (4.3.1)
      Microsoft.NETCore.Platforms (>= 1.1.1)
      Microsoft.NETCore.Targets (>= 1.1.3)
      System.Runtime (>= 4.3.1)
    System.Runtime.Handles (4.3)
      Microsoft.NETCore.Platforms (>= 1.1)
      Microsoft.NETCore.Targets (>= 1.1)
      System.Runtime (>= 4.3)
    System.Runtime.InteropServices (4.3)
      Microsoft.NETCore.Platforms (>= 1.1)
      Microsoft.NETCore.Targets (>= 1.1)
      System.Reflection (>= 4.3)
      System.Reflection.Primitives (>= 4.3)
      System.Runtime (>= 4.3)
      System.Runtime.Handles (>= 4.3)
    System.Runtime.InteropServices.RuntimeInformation (4.3)
      runtime.native.System (>= 4.3)
      System.Reflection (>= 4.3)
      System.Reflection.Extensions (>= 4.3)
      System.Resources.ResourceManager (>= 4.3)
      System.Runtime (>= 4.3)
      System.Runtime.InteropServices (>= 4.3)
      System.Threading (>= 4.3)
    System.Security.AccessControl (6.0.1)
    System.Security.Principal.Windows (5.0)
    System.Text.Encoding (4.3)
      Microsoft.NETCore.Platforms (>= 1.1)
      Microsoft.NETCore.Targets (>= 1.1)
      System.Runtime (>= 4.3)
    System.Text.Encoding.Extensions (4.3)
      Microsoft.NETCore.Platforms (>= 1.1)
      Microsoft.NETCore.Targets (>= 1.1)
      System.Runtime (>= 4.3)
      System.Text.Encoding (>= 4.3)
    System.Text.Encodings.Web (10.0.0-rc.2.25502.107)
    System.Text.Json (10.0.0-rc.2.25502.107)
      System.IO.Pipelines (>= 10.0.0-rc.2.25502.107)
      System.Text.Encodings.Web (>= 10.0.0-rc.2.25502.107)
    System.Text.RegularExpressions (4.3.1)
      System.Runtime (>= 4.3.1)
    System.Threading (4.3)
      System.Runtime (>= 4.3)
      System.Threading.Tasks (>= 4.3)
    System.Threading.Tasks (4.3)
      Microsoft.NETCore.Platforms (>= 1.1)
      Microsoft.NETCore.Targets (>= 1.1)
      System.Runtime (>= 4.3)
    System.Threading.Tasks.Extensions (4.6.3)
    System.Threading.Thread (4.3)
      System.Runtime (>= 4.3)
    System.Threading.ThreadPool (4.3)
      System.Runtime (>= 4.3)
      System.Runtime.Handles (>= 4.3)
    System.Xml.ReaderWriter (4.3.1)
      System.Collections (>= 4.3)
      System.Diagnostics.Debug (>= 4.3)
      System.Globalization (>= 4.3)
      System.IO (>= 4.3)
      System.IO.FileSystem (>= 4.3)
      System.IO.FileSystem.Primitives (>= 4.3)
      System.Resources.ResourceManager (>= 4.3)
      System.Runtime (>= 4.3)
      System.Runtime.Extensions (>= 4.3)
      System.Runtime.InteropServices (>= 4.3)
      System.Text.Encoding (>= 4.3)
      System.Text.Encoding.Extensions (>= 4.3)
      System.Text.RegularExpressions (>= 4.3)
      System.Threading.Tasks (>= 4.3)
      System.Threading.Tasks.Extensions (>= 4.3)
    System.Xml.XmlDocument (4.3)
      System.Collections (>= 4.3)
      System.Diagnostics.Debug (>= 4.3)
      System.Globalization (>= 4.3)
      System.IO (>= 4.3)
      System.Resources.ResourceManager (>= 4.3)
      System.Runtime (>= 4.3)
      System.Runtime.Extensions (>= 4.3)
      System.Text.Encoding (>= 4.3)
      System.Threading (>= 4.3)
      System.Xml.ReaderWriter (>= 4.3)
    System.Xml.XPath.XmlDocument (4.7)
    Unquote (7.0.1)
      FSharp.Core (>= 6.0)

GROUP tests-net9
STORAGE: NONE
RESTRICTION: == net9.0
NUGET
  remote: https://api.nuget.org/v3/index.json
    Elmish (4.4)
    FsCheck (2.16.6)
      FSharp.Core (>= 4.2.3)
    FsCheck.NUnit (2.16.6)
      FsCheck (2.16.6)
      NUnit (>= 3.13.1 < 4.0)
    FSharp.Core (9.0.303)
    FSharp.SystemTextJson (1.4.36)
      FSharp.Core (>= 4.7)
      System.Text.Json (>= 6.0.10)
    FSharp.SystemTextJson.Swagger (0.0.2)
      FSharp.Core (>= 6.0.7)
      FSharp.SystemTextJson (>= 1.0.6)
      Swashbuckle.AspNetCore.Swagger (>= 6.4)
      Swashbuckle.AspNetCore.SwaggerGen (>= 6.4)
    Microsoft.AspNetCore.Authorization (9.0.10)
      Microsoft.AspNetCore.Metadata (>= 9.0.10)
      Microsoft.Extensions.Logging.Abstractions (>= 9.0.10)
      Microsoft.Extensions.Options (>= 9.0.10)
    Microsoft.AspNetCore.Components (9.0.10)
      Microsoft.AspNetCore.Authorization (>= 9.0.10)
      Microsoft.AspNetCore.Components.Analyzers (>= 9.0.10)
    Microsoft.AspNetCore.Components.Analyzers (9.0.10)
    Microsoft.AspNetCore.Components.Authorization (9.0.10)
      Microsoft.AspNetCore.Authorization (>= 9.0.10)
      Microsoft.AspNetCore.Components (>= 9.0.10)
    Microsoft.AspNetCore.Components.Forms (9.0.10)
      Microsoft.AspNetCore.Components (>= 9.0.10)
    Microsoft.AspNetCore.Components.Web (9.0.10)
      Microsoft.AspNetCore.Components (>= 9.0.10)
      Microsoft.AspNetCore.Components.Forms (>= 9.0.10)
      Microsoft.Extensions.DependencyInjection (>= 9.0.10)
      Microsoft.Extensions.Primitives (>= 9.0.10)
      Microsoft.JSInterop (>= 9.0.10)
    Microsoft.AspNetCore.Components.WebAssembly (9.0.10)
      Microsoft.AspNetCore.Components.Web (>= 9.0.10)
      Microsoft.Extensions.Configuration.Binder (>= 9.0.10)
      Microsoft.Extensions.Configuration.Json (>= 9.0.10)
      Microsoft.Extensions.Logging (>= 9.0.10)
      Microsoft.JSInterop.WebAssembly (>= 9.0.10)
    Microsoft.AspNetCore.Components.WebAssembly.Authentication (9.0.10)
      Microsoft.AspNetCore.Components.Authorization (>= 9.0.10)
      Microsoft.AspNetCore.Components.Web (>= 9.0.10)
    Microsoft.AspNetCore.Components.WebAssembly.DevServer (9.0.10)
    Microsoft.AspNetCore.Components.WebAssembly.Server (9.0.10)
    Microsoft.AspNetCore.Metadata (9.0.10)
    Microsoft.AspNetCore.OpenApi (9.0.10)
      Microsoft.OpenApi (>= 1.6.17)
    Microsoft.CodeCoverage (18.0)
    Microsoft.DotNet.InternalAbstractions (1.0)
      System.AppContext (>= 4.1)
      System.Collections (>= 4.0.11)
      System.IO (>= 4.1)
      System.IO.FileSystem (>= 4.0.1)
      System.Reflection.TypeExtensions (>= 4.1)
      System.Runtime.Extensions (>= 4.1)
      System.Runtime.InteropServices (>= 4.1)
      System.Runtime.InteropServices.RuntimeInformation (>= 4.0)
    Microsoft.Extensions.ApiDescription.Server (9.0.10)
    Microsoft.Extensions.Configuration (9.0.10)
      Microsoft.Extensions.Configuration.Abstractions (>= 9.0.10)
      Microsoft.Extensions.Primitives (>= 9.0.10)
    Microsoft.Extensions.Configuration.Abstractions (9.0.10)
      Microsoft.Extensions.Primitives (>= 9.0.10)
    Microsoft.Extensions.Configuration.Binder (9.0.10)
      Microsoft.Extensions.Configuration.Abstractions (>= 9.0.10)
    Microsoft.Extensions.Configuration.FileExtensions (9.0.10)
      Microsoft.Extensions.Configuration (>= 9.0.10)
      Microsoft.Extensions.Configuration.Abstractions (>= 9.0.10)
      Microsoft.Extensions.FileProviders.Abstractions (>= 9.0.10)
      Microsoft.Extensions.FileProviders.Physical (>= 9.0.10)
      Microsoft.Extensions.Primitives (>= 9.0.10)
    Microsoft.Extensions.Configuration.Json (9.0.10)
      Microsoft.Extensions.Configuration (>= 9.0.10)
      Microsoft.Extensions.Configuration.Abstractions (>= 9.0.10)
      Microsoft.Extensions.Configuration.FileExtensions (>= 9.0.10)
      Microsoft.Extensions.FileProviders.Abstractions (>= 9.0.10)
    Microsoft.Extensions.DependencyInjection (9.0.10)
      Microsoft.Extensions.DependencyInjection.Abstractions (>= 9.0.10)
    Microsoft.Extensions.DependencyInjection.Abstractions (9.0.10)
    Microsoft.Extensions.FileProviders.Abstractions (9.0.10)
      Microsoft.Extensions.Primitives (>= 9.0.10)
    Microsoft.Extensions.FileProviders.Physical (9.0.10)
      Microsoft.Extensions.FileProviders.Abstractions (>= 9.0.10)
      Microsoft.Extensions.FileSystemGlobbing (>= 9.0.10)
      Microsoft.Extensions.Primitives (>= 9.0.10)
    Microsoft.Extensions.FileSystemGlobbing (9.0.10)
    Microsoft.Extensions.Logging (9.0.10)
      Microsoft.Extensions.DependencyInjection (>= 9.0.10)
      Microsoft.Extensions.Logging.Abstractions (>= 9.0.10)
      Microsoft.Extensions.Options (>= 9.0.10)
    Microsoft.Extensions.Logging.Abstractions (9.0.10)
      Microsoft.Extensions.DependencyInjection.Abstractions (>= 9.0.10)
    Microsoft.Extensions.Options (9.0.10)
      Microsoft.Extensions.DependencyInjection.Abstractions (>= 9.0.10)
      Microsoft.Extensions.Primitives (>= 9.0.10)
    Microsoft.Extensions.Primitives (9.0.10)
    Microsoft.JSInterop (9.0.10)
    Microsoft.JSInterop.WebAssembly (9.0.10)
      Microsoft.JSInterop (>= 9.0.10)
    Microsoft.NET.Test.Sdk (15.8)
      Microsoft.CodeCoverage (>= 15.8)
      Microsoft.TestPlatform.TestHost (>= 15.8)
    Microsoft.NETCore.Platforms (7.0.4)
    Microsoft.NETCore.Targets (5.0)
    Microsoft.OpenApi (1.6.28)
    Microsoft.TestPlatform.ObjectModel (18.0)
      System.Reflection.Metadata (>= 8.0)
    Microsoft.TestPlatform.TestHost (18.0)
      Microsoft.TestPlatform.ObjectModel (>= 18.0)
      Newtonsoft.Json (>= 13.0.3)
    Microsoft.Win32.Primitives (4.3)
      Microsoft.NETCore.Platforms (>= 1.1)
      Microsoft.NETCore.Targets (>= 1.1)
      System.Runtime (>= 4.3)
    Microsoft.Win32.Registry (5.0)
      System.Security.AccessControl (>= 5.0)
      System.Security.Principal.Windows (>= 5.0)
    NETStandard.Library (2.0.3)
      Microsoft.NETCore.Platforms (>= 1.1)
    Newtonsoft.Json (13.0.4)
    NUnit (3.14)
      NETStandard.Library (>= 2.0)
    NUnit3TestAdapter (3.17)
      Microsoft.DotNet.InternalAbstractions (>= 1.0)
      System.ComponentModel.EventBasedAsync (>= 4.3)
      System.ComponentModel.TypeConverter (>= 4.3)
      System.Diagnostics.Process (>= 4.3)
      System.Reflection (>= 4.3)
      System.Runtime.InteropServices.RuntimeInformation (>= 4.3)
      System.Threading.Thread (>= 4.3)
      System.Xml.XmlDocument (>= 4.3)
      System.Xml.XPath.XmlDocument (>= 4.3)
    runtime.native.System (4.3.1)
      Microsoft.NETCore.Platforms (>= 1.1.1)
      Microsoft.NETCore.Targets (>= 1.1.3)
    Selenium.Support (4.37)
      Selenium.WebDriver (>= 4.37)
    Selenium.WebDriver (4.37)
    Selenium.WebDriver.ChromeDriver (141.0.7390.7800)
    Swashbuckle.AspNetCore (9.0.6)
      Microsoft.Extensions.ApiDescription.Server (>= 9.0)
      Swashbuckle.AspNetCore.Swagger (>= 9.0.6)
      Swashbuckle.AspNetCore.SwaggerGen (>= 9.0.6)
      Swashbuckle.AspNetCore.SwaggerUI (>= 9.0.6)
    Swashbuckle.AspNetCore.Swagger (9.0.6)
      Microsoft.OpenApi (>= 1.6.25)
    Swashbuckle.AspNetCore.SwaggerGen (9.0.6)
      Swashbuckle.AspNetCore.Swagger (>= 9.0.6)
    Swashbuckle.AspNetCore.SwaggerUI (9.0.6)
    System.AppContext (4.3)
      System.Runtime (>= 4.3)
    System.Collections (4.3)
      Microsoft.NETCore.Platforms (>= 1.1)
      Microsoft.NETCore.Targets (>= 1.1)
      System.Runtime (>= 4.3)
    System.Collections.NonGeneric (4.3)
      System.Diagnostics.Debug (>= 4.3)
      System.Globalization (>= 4.3)
      System.Resources.ResourceManager (>= 4.3)
      System.Runtime (>= 4.3)
      System.Runtime.Extensions (>= 4.3)
      System.Threading (>= 4.3)
    System.Collections.Specialized (4.3)
      System.Collections.NonGeneric (>= 4.3)
      System.Globalization (>= 4.3)
      System.Globalization.Extensions (>= 4.3)
      System.Resources.ResourceManager (>= 4.3)
      System.Runtime (>= 4.3)
      System.Runtime.Extensions (>= 4.3)
      System.Threading (>= 4.3)
    System.ComponentModel (4.3)
      System.Runtime (>= 4.3)
    System.ComponentModel.EventBasedAsync (4.3)
      System.Resources.ResourceManager (>= 4.3)
      System.Runtime (>= 4.3)
      System.Threading (>= 4.3)
      System.Threading.Tasks (>= 4.3)
    System.ComponentModel.Primitives (4.3)
      System.ComponentModel (>= 4.3)
      System.Resources.ResourceManager (>= 4.3)
      System.Runtime (>= 4.3)
    System.ComponentModel.TypeConverter (4.3)
      System.Collections (>= 4.3)
      System.Collections.NonGeneric (>= 4.3)
      System.Collections.Specialized (>= 4.3)
      System.ComponentModel (>= 4.3)
      System.ComponentModel.Primitives (>= 4.3)
      System.Globalization (>= 4.3)
      System.Linq (>= 4.3)
      System.Reflection (>= 4.3)
      System.Reflection.Extensions (>= 4.3)
      System.Reflection.Primitives (>= 4.3)
      System.Reflection.TypeExtensions (>= 4.3)
      System.Resources.ResourceManager (>= 4.3)
      System.Runtime (>= 4.3)
      System.Runtime.Extensions (>= 4.3)
      System.Threading (>= 4.3)
    System.Diagnostics.Debug (4.3)
      Microsoft.NETCore.Platforms (>= 1.1)
      Microsoft.NETCore.Targets (>= 1.1)
      System.Runtime (>= 4.3)
    System.Diagnostics.Process (4.3)
      Microsoft.NETCore.Platforms (>= 1.1)
      Microsoft.Win32.Primitives (>= 4.3)
      Microsoft.Win32.Registry (>= 4.3)
      runtime.native.System (>= 4.3)
      System.Collections (>= 4.3)
      System.Diagnostics.Debug (>= 4.3)
      System.Globalization (>= 4.3)
      System.IO (>= 4.3)
      System.IO.FileSystem (>= 4.3)
      System.IO.FileSystem.Primitives (>= 4.3)
      System.Resources.ResourceManager (>= 4.3)
      System.Runtime (>= 4.3)
      System.Runtime.Extensions (>= 4.3)
      System.Runtime.Handles (>= 4.3)
      System.Runtime.InteropServices (>= 4.3)
      System.Text.Encoding (>= 4.3)
      System.Text.Encoding.Extensions (>= 4.3)
      System.Threading (>= 4.3)
      System.Threading.Tasks (>= 4.3)
      System.Threading.Thread (>= 4.3)
      System.Threading.ThreadPool (>= 4.3)
    System.Globalization (4.3)
      Microsoft.NETCore.Platforms (>= 1.1)
      Microsoft.NETCore.Targets (>= 1.1)
      System.Runtime (>= 4.3)
    System.Globalization.Extensions (4.3)
      Microsoft.NETCore.Platforms (>= 1.1)
      System.Globalization (>= 4.3)
      System.Resources.ResourceManager (>= 4.3)
      System.Runtime (>= 4.3)
      System.Runtime.Extensions (>= 4.3)
      System.Runtime.InteropServices (>= 4.3)
    System.IO (4.3)
      Microsoft.NETCore.Platforms (>= 1.1)
      Microsoft.NETCore.Targets (>= 1.1)
      System.Runtime (>= 4.3)
      System.Text.Encoding (>= 4.3)
      System.Threading.Tasks (>= 4.3)
    System.IO.FileSystem (4.3)
      Microsoft.NETCore.Platforms (>= 1.1)
      Microsoft.NETCore.Targets (>= 1.1)
      System.IO (>= 4.3)
      System.IO.FileSystem.Primitives (>= 4.3)
      System.Runtime (>= 4.3)
      System.Runtime.Handles (>= 4.3)
      System.Text.Encoding (>= 4.3)
      System.Threading.Tasks (>= 4.3)
    System.IO.FileSystem.Primitives (4.3)
      System.Runtime (>= 4.3)
    System.IO.Pipelines (10.0.0-rc.2.25502.107)
    System.Linq (4.3)
      System.Collections (>= 4.3)
      System.Diagnostics.Debug (>= 4.3)
      System.Resources.ResourceManager (>= 4.3)
      System.Runtime (>= 4.3)
      System.Runtime.Extensions (>= 4.3)
    System.Reflection (4.3)
      Microsoft.NETCore.Platforms (>= 1.1)
      Microsoft.NETCore.Targets (>= 1.1)
      System.IO (>= 4.3)
      System.Reflection.Primitives (>= 4.3)
      System.Runtime (>= 4.3)
    System.Reflection.Extensions (4.3)
      Microsoft.NETCore.Platforms (>= 1.1)
      Microsoft.NETCore.Targets (>= 1.1)
      System.Reflection (>= 4.3)
      System.Runtime (>= 4.3)
    System.Reflection.Metadata (9.0.10)
    System.Reflection.Primitives (4.3)
      Microsoft.NETCore.Platforms (>= 1.1)
      Microsoft.NETCore.Targets (>= 1.1)
      System.Runtime (>= 4.3)
    System.Reflection.TypeExtensions (4.7)
    System.Resources.ResourceManager (4.3)
      Microsoft.NETCore.Platforms (>= 1.1)
      Microsoft.NETCore.Targets (>= 1.1)
      System.Globalization (>= 4.3)
      System.Reflection (>= 4.3)
      System.Runtime (>= 4.3)
    System.Runtime (4.3.1)
      Microsoft.NETCore.Platforms (>= 1.1.1)
      Microsoft.NETCore.Targets (>= 1.1.3)
    System.Runtime.Extensions (4.3.1)
      Microsoft.NETCore.Platforms (>= 1.1.1)
      Microsoft.NETCore.Targets (>= 1.1.3)
      System.Runtime (>= 4.3.1)
    System.Runtime.Handles (4.3)
      Microsoft.NETCore.Platforms (>= 1.1)
      Microsoft.NETCore.Targets (>= 1.1)
      System.Runtime (>= 4.3)
    System.Runtime.InteropServices (4.3)
      Microsoft.NETCore.Platforms (>= 1.1)
      Microsoft.NETCore.Targets (>= 1.1)
      System.Reflection (>= 4.3)
      System.Reflection.Primitives (>= 4.3)
      System.Runtime (>= 4.3)
      System.Runtime.Handles (>= 4.3)
    System.Runtime.InteropServices.RuntimeInformation (4.3)
      runtime.native.System (>= 4.3)
      System.Reflection (>= 4.3)
      System.Reflection.Extensions (>= 4.3)
      System.Resources.ResourceManager (>= 4.3)
      System.Runtime (>= 4.3)
      System.Runtime.InteropServices (>= 4.3)
      System.Threading (>= 4.3)
    System.Security.AccessControl (6.0.1)
    System.Security.Principal.Windows (5.0)
    System.Text.Encoding (4.3)
      Microsoft.NETCore.Platforms (>= 1.1)
      Microsoft.NETCore.Targets (>= 1.1)
      System.Runtime (>= 4.3)
    System.Text.Encoding.Extensions (4.3)
      Microsoft.NETCore.Platforms (>= 1.1)
      Microsoft.NETCore.Targets (>= 1.1)
      System.Runtime (>= 4.3)
      System.Text.Encoding (>= 4.3)
    System.Text.Encodings.Web (10.0.0-rc.2.25502.107)
    System.Text.Json (10.0.0-rc.2.25502.107)
      System.IO.Pipelines (>= 10.0.0-rc.2.25502.107)
      System.Text.Encodings.Web (>= 10.0.0-rc.2.25502.107)
    System.Text.RegularExpressions (4.3.1)
      System.Runtime (>= 4.3.1)
    System.Threading (4.3)
      System.Runtime (>= 4.3)
      System.Threading.Tasks (>= 4.3)
    System.Threading.Tasks (4.3)
      Microsoft.NETCore.Platforms (>= 1.1)
      Microsoft.NETCore.Targets (>= 1.1)
      System.Runtime (>= 4.3)
    System.Threading.Tasks.Extensions (4.6.3)
    System.Threading.Thread (4.3)
      System.Runtime (>= 4.3)
    System.Threading.ThreadPool (4.3)
      System.Runtime (>= 4.3)
      System.Runtime.Handles (>= 4.3)
    System.Xml.ReaderWriter (4.3.1)
      System.Collections (>= 4.3)
      System.Diagnostics.Debug (>= 4.3)
      System.Globalization (>= 4.3)
      System.IO (>= 4.3)
      System.IO.FileSystem (>= 4.3)
      System.IO.FileSystem.Primitives (>= 4.3)
      System.Resources.ResourceManager (>= 4.3)
      System.Runtime (>= 4.3)
      System.Runtime.Extensions (>= 4.3)
      System.Runtime.InteropServices (>= 4.3)
      System.Text.Encoding (>= 4.3)
      System.Text.Encoding.Extensions (>= 4.3)
      System.Text.RegularExpressions (>= 4.3)
      System.Threading.Tasks (>= 4.3)
      System.Threading.Tasks.Extensions (>= 4.3)
    System.Xml.XmlDocument (4.3)
      System.Collections (>= 4.3)
      System.Diagnostics.Debug (>= 4.3)
      System.Globalization (>= 4.3)
      System.IO (>= 4.3)
      System.Resources.ResourceManager (>= 4.3)
      System.Runtime (>= 4.3)
      System.Runtime.Extensions (>= 4.3)
      System.Text.Encoding (>= 4.3)
      System.Threading (>= 4.3)
      System.Xml.ReaderWriter (>= 4.3)
    System.Xml.XPath.XmlDocument (4.7)
    Unquote (7.0.1)
      FSharp.Core (>= 6.0)
